GEM
  remote: http://rubygems.org/
  specs:
    crack (0.3.1)
    erubis (2.7.0)
    facets (2.9.3)
    merimee (0.1.0)
      crack
    pandoc-ruby (0.5.0)
    redcarpet (2.1.1)

PLATFORMS
  ruby

DEPENDENCIES
  erubis
  facets
  merimee
  pandoc-ruby
  redcarpet
